GIT
  remote: git://github.com/pierot/manifesto-pierot.git
  revision: 84db29b8675e855b7fdc5144b9de5982ad7f3d43
  specs:
    manifesto-pierot (0.6.1)

GEM
  remote: http://rubygems.org/
  specs:
    activemodel (3.0.3)
      activesupport (= 3.0.3)
      builder (~> 2.1.2)
      i18n (~> 0.4)
    activerecord (3.0.3)
      activemodel (= 3.0.3)
      activesupport (= 3.0.3)
      arel (~> 2.0.2)
      tzinfo (~> 0.3.23)
    activesupport (3.0.3)
    arel (2.0.4)
    builder (2.1.2)
    dropbox (1.2.0)
      json (>= 1.2.0)
      mechanize (>= 1.0.0)
      multipart-post (>= 1.0)
      oauth (>= 0.3.6)
    i18n (0.4.2)
    json (1.4.6)
    less (1.2.21)
      mutter (>= 0.4.2)
      treetop (>= 1.4.2)
    mechanize (1.0.0)
      nokogiri (>= 1.2.1)
    memcached (1.0.2)
    multipart-post (1.0.1)
    mutter (0.5.3)
    nokogiri (1.4.4)
    oauth (0.4.4)
    polyglot (0.3.1)
    rack (1.2.1)
    sinatra (1.1.0)
      rack (~> 1.1)
      tilt (~> 1.1)
    sqlite3-ruby (1.3.2)
    tilt (1.1)
    treetop (1.4.9)
      polyglot (>= 0.3.1)
    tzinfo (0.3.23)

PLATFORMS
  ruby

DEPENDENCIES
  activerecord
  dropbox (>= 1.2.0)
  less
  manifesto-pierot!
  memcached
  rack
  sinatra
  sqlite3-ruby (>= 1.3.1)
